GEM
  remote: https://rubygems.org/
  specs:
    coderay (1.1.2)
    method_source (1.0.0)
    prettier (0.18.2)
    pry (0.13.1)
      coderay (~> 1.1)
      method_source (~> 1.0)

PLATFORMS
  x64-mingw32

DEPENDENCIES
  prettier
  pry

BUNDLED WITH
   1.17.2
