GEM
  remote: https://rubygems.org/
  specs:
    coderay (1.1.2)
    method_source (1.0.0)
    prettier (0.18.2)
    pry (0.13.1)
      coderay (~> 1.1)
      method_source (~> 1.0)
    ruby-ole (1.2.12.2)
    spreadsheet (1.2.6)
      ruby-ole (>= 1.0)

PLATFORMS
  ruby

DEPENDENCIES
  prettier
  pry
  spreadsheet (~> 1.1, >= 1.1.4)

BUNDLED WITH
   2.1.2
